GEM
  remote: http://rubygems.org/
  specs:
    coderay (1.1.0)
    hashids (1.0.2)
    kgio (2.10.0)
    method_source (0.8.2)
    minitest (5.8.2)
    multi_json (1.11.2)
    newrelic_rpm (3.14.0.305)
    pg (0.18.3)
    pry (0.10.3)
      coderay (~> 1.1.0)
      method_source (~> 0.8.1)
      slop (~> 3.4)
    rack (1.6.4)
    rack-protection (1.5.3)
      rack
    rack-test (0.6.3)
      rack (>= 1.0)
    raindrops (0.15.0)
    rake (10.4.2)
    rollbar (2.5.2)
      multi_json
    sequel (4.28.0)
    sequel_pg (1.6.13)
      pg (>= 0.8.0)
      sequel (>= 3.39.0)
    shotgun (0.9.1)
      rack (>= 1.0)
    sinatra (1.4.6)
      rack (~> 1.4)
      rack-protection (~> 1.4)
      tilt (>= 1.3, < 3)
    slop (3.6.0)
    tilt (2.0.1)
    unicorn (5.0.0)
      kgio (~> 2.6)
      rack
      raindrops (~> 0.7)

PLATFORMS
  ruby

DEPENDENCIES
  hashids
  minitest
  newrelic_rpm
  pry
  rack-test
  rake
  rollbar
  sequel_pg
  shotgun
  sinatra
  unicorn

BUNDLED WITH
   1.10.6
